GEM
  remote: https://rubygems.org/
  specs:
    kramdown (2.1.0)
    kramdown-parser-gfm (1.1.0)
      kramdown (~> 2.0)
    mdl (0.8.0)
      kramdown (~> 2.0)
      kramdown-parser-gfm (~> 1.0)
      mixlib-cli (~> 2.1, >= 2.1.1)
      mixlib-config (>= 2.2.1, < 4)
    mixlib-cli (2.1.1)
    mixlib-config (3.0.5)
      tomlrb
    tomlrb (1.2.8)

PLATFORMS
  ruby

DEPENDENCIES
  mdl

BUNDLED WITH
   1.17.3
